GEM
  remote: https://rubygems.org/
  specs:
    ast (2.4.0)
    citrus (3.0.2)
    codecov (0.1.14)
      json
      simplecov
      url
    diff-lcs (1.3)
    docile (1.3.2)
    ffi (1.10.0)
    file-tail (1.2.0)
      tins (~> 1.0)
    full_dup (1.0.0)
    hashdiff (0.3.8)
    jaro_winkler (1.5.2)
    json (2.3.1)
    lmdb (0.4.8)
    net-ntp (2.1.3)
    parallel (1.16.2)
    parser (2.6.2.0)
      ast (~> 2.4.0)
    psych (3.1.0)
    rainbow (3.0.0)
    rake (12.3.2)
    rb-inotify (0.9.9)
      ffi (~> 1.0)
    rspec (3.8.0)
      rspec-core (~> 3.8.0)
      rspec-expectations (~> 3.8.0)
      rspec-mocks (~> 3.8.0)
    rspec-core (3.8.0)
      rspec-support (~> 3.8.0)
    rspec-expectations (3.8.2)
      diff-lcs (>= 1.2.0, < 2.0)
      rspec-support (~> 3.8.0)
    rspec-mocks (3.8.0)
      diff-lcs (>= 1.2.0, < 2.0)
      rspec-support (~> 3.8.0)
    rspec-support (3.8.0)
    rubocop (0.66.0)
      jaro_winkler (~> 1.5.1)
      parallel (~> 1.10)
      parser (>= 2.5, != 2.5.1.1)
      psych (>= 3.1.0)
      rainbow (>= 2.2.2, < 4.0)
      ruby-progressbar (~> 1.7)
      unicode-display_width (>= 1.4.0, < 1.6)
    ruby-progressbar (1.10.0)
    rubyzip (1.3.0)
    simplecov (0.16.1)
      docile (~> 1.1)
      json (>= 1.8, < 3)
      simplecov-html (~> 0.10.0)
    simplecov-html (0.10.2)
    tins (1.20.2)
    toml-rb (1.1.2)
      citrus (~> 3.0, > 3.0)
    unicode-display_width (1.5.0)
    url (0.3.2)

PLATFORMS
  ruby

DEPENDENCIES
  codecov!
  file-tail!
  full_dup!
  hashdiff (~> 0.3.8)!
  lmdb!
  net-ntp!
  rake!
  rb-inotify (= 0.9.9)!
  rspec!
  rubocop!
  rubyzip (~> 1.3.0)!
  toml-rb (~> 1.1.2)!

BUNDLED WITH
   2.0.2
