GEM
  remote: https://rubygems.org/
  specs:
    ffi (1.10.0)
    file-tail (1.2.0)
      tins (~> 1.0)
    hashdiff (0.3.8)
    lmdb (0.4.8)
    parslet (1.8.2)
    rb-inotify (0.9.9)
      ffi (~> 1.0)
    tins (1.20.2)
    toml (0.2.0)
      parslet (~> 1.8.0)

PLATFORMS
  ruby

DEPENDENCIES
  file-tail!
  hashdiff!
  lmdb!
  rb-inotify (= 0.9.9)!
  toml!

BUNDLED WITH
   2.0.1
