GEM
  remote: https://rubygems.org/
  specs:
    ast (2.4.0)
    diff-lcs (1.3)
    ffi (1.10.0)
    file-tail (1.2.0)
      tins (~> 1.0)
    full_dup (1.0.0)
    hashdiff (0.3.8)
    jaro_winkler (1.5.2)
    lmdb (0.4.8)
    parallel (1.16.2)
    parser (2.6.2.0)
      ast (~> 2.4.0)
    parslet (1.8.2)
    psych (3.1.0)
    rainbow (3.0.0)
    rake (12.3.2)
    rb-inotify (0.9.9)
      ffi (~> 1.0)
    rspec (3.8.0)
      rspec-core (~> 3.8.0)
      rspec-expectations (~> 3.8.0)
      rspec-mocks (~> 3.8.0)
    rspec-core (3.8.0)
      rspec-support (~> 3.8.0)
    rspec-expectations (3.8.2)
      diff-lcs (>= 1.2.0, < 2.0)
      rspec-support (~> 3.8.0)
    rspec-mocks (3.8.0)
      diff-lcs (>= 1.2.0, < 2.0)
      rspec-support (~> 3.8.0)
    rspec-support (3.8.0)
    rubocop (0.66.0)
      jaro_winkler (~> 1.5.1)
      parallel (~> 1.10)
      parser (>= 2.5, != 2.5.1.1)
      psych (>= 3.1.0)
      rainbow (>= 2.2.2, < 4.0)
      ruby-progressbar (~> 1.7)
      unicode-display_width (>= 1.4.0, < 1.6)
    ruby-progressbar (1.10.0)
    tins (1.20.2)
    toml (0.2.0)
      parslet (~> 1.8.0)
    unicode-display_width (1.5.0)

PLATFORMS
  ruby

DEPENDENCIES
  file-tail!
  full_dup!
  hashdiff!
  lmdb!
  rake!
  rb-inotify (= 0.9.9)!
  rspec!
  rubocop!
  toml!

BUNDLED WITH
   2.0.1
