GEM
  remote: https://rubygems.org/
  specs:
    diff-lcs (1.3)
    ffi (1.10.0)
    file-tail (1.2.0)
      tins (~> 1.0)
    hashdiff (0.3.8)
    lmdb (0.4.8)
    parslet (1.8.2)
    rb-inotify (0.9.9)
      ffi (~> 1.0)
    rspec (3.8.0)
      rspec-core (~> 3.8.0)
      rspec-expectations (~> 3.8.0)
      rspec-mocks (~> 3.8.0)
    rspec-core (3.8.0)
      rspec-support (~> 3.8.0)
    rspec-expectations (3.8.2)
      diff-lcs (>= 1.2.0, < 2.0)
      rspec-support (~> 3.8.0)
    rspec-mocks (3.8.0)
      diff-lcs (>= 1.2.0, < 2.0)
      rspec-support (~> 3.8.0)
    rspec-support (3.8.0)
    tins (1.20.2)
    toml (0.2.0)
      parslet (~> 1.8.0)

PLATFORMS
  ruby

DEPENDENCIES
  file-tail!
  hashdiff!
  lmdb!
  rb-inotify (= 0.9.9)!
  rspec!
  toml!

BUNDLED WITH
   2.0.1
