GEM
  remote: https://rubygems.org/
  specs:
    ast (2.4.0)
    ffi (1.10.0)
    file-tail (1.2.0)
      tins (~> 1.0)
    hashdiff (0.3.8)
    lmdb (0.4.8)
    parser (2.6.0.0)
      ast (~> 2.4.0)
    parslet (1.8.2)
    powerpack (0.1.2)
    rainbow (2.2.2)
      rake
    rake (12.3.2)
    rb-inotify (0.9.9)
      ffi (~> 1.0)
    rubocop (0.42.0)
      parser (>= 2.3.1.1, < 3.0)
      powerpack (~> 0.1)
      rainbow (>= 1.99.1, < 3.0)
      ruby-progressbar (~> 1.7)
      unicode-display_width (~> 1.0, >= 1.0.1)
    ruby-progressbar (1.10.0)
    tins (1.20.2)
    toml (0.2.0)
      parslet (~> 1.8.0)
    unicode-display_width (1.4.1)

PLATFORMS
  ruby

DEPENDENCIES
  file-tail!
  hashdiff!
  lmdb!
  rb-inotify (= 0.9.9)!
  rubocop (= 0.42.0)!
  toml!

BUNDLED WITH
   2.0.1
