GEM
  remote: https://rubygems.org/
  specs:
    ast (2.4.0)
    cod (0.6.0)
    file-tail (1.2.0)
      tins (~> 1.0)
    hashdiff (0.3.8)
    jaro_winkler (1.5.2)
    parallel (1.13.0)
    parser (2.6.0.0)
      ast (~> 2.4.0)
    powerpack (0.1.2)
    rainbow (3.0.0)
    rubocop (0.64.0)
      jaro_winkler (~> 1.5.1)
      parallel (~> 1.10)
      parser (>= 2.5, != 2.5.1.1)
      powerpack (~> 0.1)
      rainbow (>= 2.2.2, < 4.0)
      ruby-progressbar (~> 1.7)
      unicode-display_width (~> 1.4.0)
    ruby-progressbar (1.10.0)
    tins (1.20.2)
    unicode-display_width (1.4.1)

PLATFORMS
  ruby

DEPENDENCIES
  cod!
  file-tail!
  hashdiff!
  rubocop!

BUNDLED WITH
   2.0.1
